GEM
  specs:
    god (0.13.6)
    mina (0.3.7)
      open4 (~> 1.3.4)
      rake
    open4 (1.3.4)
    rake (10.4.2)

PLATFORMS
  ruby

DEPENDENCIES
  god
  mina

BUNDLED WITH
   1.10.5
