GEM
  remote: http://rubygems.org/
  specs:
    god (0.13.6)
    little-plugger (1.1.3)
    logging (2.0.0)
      little-plugger (~> 1.1)
      multi_json (~> 1.10)
    mina (0.3.7)
      open4 (~> 1.3.4)
      rake
    multi_json (1.11.2)
    open4 (1.3.4)
    rake (10.4.2)

PLATFORMS
  ruby

DEPENDENCIES
  god
  logging
  mina

BUNDLED WITH
   1.10.5
